GIT
  remote: https://github.com/guard/guard-uglify.git
  revision: 34238afa4a3f44ddf13462bb29ee512714663cec
  specs:
    guard-uglify (0.2.0)
      guard (>= 0.2.2)
      uglifier

GIT
  remote: https://github.com/medihack/guard-nosetests.git
  revision: 8c965239d17c1cbf1a35d2583634672c3b14f9ec
  specs:
    guard-nosetests (0.0.1)
      guard (>= 1.1)

GIT
  remote: https://github.com/smgt/guard-minify.git
  revision: 199eea7fabe41aeede0f5d1c83d71610d855aa55
  specs:
    guard-minify (0.1.0)
      guard (>= 0.2.2)

GEM
  remote: https://rubygems.org/
  specs:
    coderay (1.0.9)
    coffee-script (2.2.0)
      coffee-script-source
      execjs
    coffee-script-source (1.6.3)
    em-websocket (0.5.0)
      eventmachine (>= 0.12.9)
      http_parser.rb (~> 0.5.3)
    eventmachine (1.0.3)
    execjs (2.8.1)
    ffi (1.9.0)
    formatador (0.2.4)
    guard (1.8.2)
      formatador (>= 0.2.4)
      listen (>= 1.0.0)
      lumberjack (>= 1.0.2)
      pry (>= 0.9.10)
      thor (>= 0.14.6)
    guard-bundler (1.0.0)
      bundler (~> 1.0)
      guard (~> 1.1)
    guard-coffeescript (1.3.2)
      coffee-script (>= 2.2.0)
      guard (>= 1.1.0)
    guard-concat (0.0.3)
      guard (>= 1.1.0)
    guard-copy (0.0.8)
      guard (~> 1.1)
    guard-livereload (1.4.0)
      em-websocket (>= 0.5.0)
      guard (>= 1.8.0)
      multi_json (~> 1.7)
    guard-rsync (0.1.1)
      guard (>= 0.4)
    guard-sass (1.3.2)
      guard (>= 1.1.0)
      sass (>= 3.1)
    guard-shell (0.5.1)
      guard (>= 1.1.0)
    hashr (0.0.22)
    http_parser.rb (0.5.3)
    json (2.6.3)
    libv8 (3.11.8.17)
    listen (1.2.2)
      rb-fsevent (>= 0.9.3)
      rb-inotify (>= 0.9)
      rb-kqueue (>= 0.2)
    lumberjack (1.0.4)
    method_source (0.8.2)
    multi_json (1.15.0)
    pry (0.9.12.2)
      coderay (~> 1.0.5)
      method_source (~> 0.8)
      slop (~> 3.4)
    rb-fsevent (0.9.3)
    rb-inotify (0.9.0)
      ffi (>= 0.5.0)
    rb-kqueue (0.2.0)
      ffi (>= 0.5.0)
    ref (1.0.5)
    sass (3.2.10)
    slop (3.4.6)
    therubyracer (0.11.4)
      libv8 (~> 3.11.8.12)
      ref
    thor (0.18.1)
    travis-lint (1.7.0)
      hashr (~> 0.0.22)
    uglifier (2.7.2)
      execjs (>= 0.3.0)
      json (>= 1.8.0)

PLATFORMS
  ruby

DEPENDENCIES
  guard
  guard-bundler
  guard-coffeescript
  guard-concat
  guard-copy
  guard-livereload
  guard-minify!
  guard-nosetests!
  guard-rsync
  guard-sass
  guard-shell
  guard-uglify!
  therubyracer
  travis-lint
  uglifier
